GEM
  remote: https://rubygems.org/
  specs:
    aitch (0.5.0)
      nokogiri (>= 1.6.0)
    autoprefixer-rails (7.2.6)
      execjs
    bootstrap (4.0.0)
      autoprefixer-rails (>= 6.0.3)
      popper_js (>= 1.12.9, < 2)
      sass (>= 3.5.2)
    concurrent-ruby (1.0.5)
    execjs (2.7.0)
    ffi (1.9.21)
    i18n (0.9.4)
      concurrent-ruby (~> 1.0)
    json (1.8.6)
    mini_portile2 (2.3.0)
    mustermann (1.0.1)
    nokogiri (1.8.2)
      mini_portile2 (~> 2.3.0)
    pagseguro-oficial (2.5.0)
      aitch (~> 0.2)
      i18n (~> 0.7)
      json (~> 1.8)
      nokogiri (~> 1.6)
    popper_js (1.12.9)
    rack (2.0.4)
    rack-livereload (0.3.16)
      rack
    rack-protection (2.0.0)
      rack
    rb-fsevent (0.10.2)
    rb-inotify (0.9.10)
      ffi (>= 0.5.0, < 2)
    sass (3.5.5)
      sass-listen (~> 4.0.0)
    sass-listen (4.0.0)
      rb-fsevent (~> 0.9, >= 0.9.4)
      rb-inotify (~> 0.9, >= 0.9.7)
    sinatra (2.0.0)
      mustermann (~> 1.0)
      rack (~> 2.0)
      rack-protection (= 2.0.0)
      tilt (~> 2.0)
    tilt (2.0.8)

PLATFORMS
  ruby

DEPENDENCIES
  bootstrap (~> 4.0.0)
  pagseguro-oficial (~> 2.5.0)
  rack-livereload
  sinatra

BUNDLED WITH
   1.16.1
