GEM
  remote: https://rubygems.org/
  specs:
    aitch (0.5.0)
      nokogiri (>= 1.6.0)
    concurrent-ruby (1.0.5)
    i18n (0.9.4)
      concurrent-ruby (~> 1.0)
    json (1.8.6)
    mini_portile2 (2.3.0)
    mustermann (1.0.1)
    nokogiri (1.8.2)
      mini_portile2 (~> 2.3.0)
    pagseguro-oficial (2.5.0)
      aitch (~> 0.2)
      i18n (~> 0.7)
      json (~> 1.8)
      nokogiri (~> 1.6)
    rack (2.0.4)
    rack-protection (2.0.0)
      rack
    sinatra (2.0.0)
      mustermann (~> 1.0)
      rack (~> 2.0)
      rack-protection (= 2.0.0)
      tilt (~> 2.0)
    tilt (2.0.8)

PLATFORMS
  ruby

DEPENDENCIES
  pagseguro-oficial (~> 2.5.0)
  sinatra

BUNDLED WITH
   1.16.1
