GEM
  remote: https://rubygems.org/
  specs:
    activemodel (5.1.4)
      activesupport (= 5.1.4)
    activerecord (5.1.4)
      activemodel (= 5.1.4)
      activesupport (= 5.1.4)
      arel (~> 8.0)
    activesupport (5.1.4)
      concurrent-ruby (~> 1.0, >= 1.0.2)
      i18n (~> 0.7)
      minitest (~> 5.1)
      tzinfo (~> 1.1)
    aitch (0.5.0)
      nokogiri (>= 1.6.0)
    arel (8.0.0)
    autoprefixer-rails (8.0.0)
      execjs
    bootstrap (4.0.0)
      autoprefixer-rails (>= 6.0.3)
      popper_js (>= 1.12.9, < 2)
      sass (>= 3.5.2)
    concurrent-ruby (1.0.5)
    execjs (2.7.0)
    ffi (1.9.21)
    foreman (0.84.0)
      thor (~> 0.19.1)
    i18n (0.9.4)
      concurrent-ruby (~> 1.0)
    json (1.8.6)
    mini_portile2 (2.3.0)
    minitest (5.11.3)
    mustermann (1.0.1)
    nokogiri (1.8.2)
      mini_portile2 (~> 2.3.0)
    pagseguro-oficial (2.5.0)
      aitch (~> 0.2)
      i18n (~> 0.7)
      json (~> 1.8)
      nokogiri (~> 1.6)
    pg (0.21.0)
    popper_js (1.12.9)
    rack (2.0.4)
    rack-protection (2.0.0)
      rack
    rake (12.3.0)
    rb-fsevent (0.10.2)
    rb-inotify (0.9.10)
      ffi (>= 0.5.0, < 2)
    sass (3.5.5)
      sass-listen (~> 4.0.0)
    sass-listen (4.0.0)
      rb-fsevent (~> 0.9, >= 0.9.4)
      rb-inotify (~> 0.9, >= 0.9.7)
    sinatra (2.0.0)
      mustermann (~> 1.0)
      rack (~> 2.0)
      rack-protection (= 2.0.0)
      tilt (~> 2.0)
    sinatra-activerecord (2.0.13)
      activerecord (>= 3.2)
      sinatra (>= 1.0)
    thor (0.19.4)
    thread_safe (0.3.6)
    tilt (2.0.8)
    tzinfo (1.2.5)
      thread_safe (~> 0.1)

PLATFORMS
  ruby

DEPENDENCIES
  bootstrap (~> 4.0.0)
  foreman
  pagseguro-oficial (~> 2.5.0)
  pg (~> 0.18)
  rake
  sinatra
  sinatra-activerecord

BUNDLED WITH
   1.16.1
